RESTRICTION: || (== net8.0) (== netstandard2.0)
NUGET
  remote: https://www.nuget.org/api/v2
    FSharp.Core (9.0.201) - content: none
    FsUnit.xUnit (7.0.1)
      FSharp.Core (>= 5.0.2)
      NHamcrest (>= 4.0)
      xunit.v3 (>= 1.0)
    Microsoft.Bcl.AsyncInterfaces (9.0.2) - restriction: || (== net8.0) (&& (== netstandard2.0) (>= net472)) (&& (== netstandard2.0) (>= net6.0))
    Microsoft.CodeCoverage (17.13) - restriction: || (== net8.0) (&& (== netstandard2.0) (>= net462)) (&& (== netstandard2.0) (>= netcoreapp3.1))
    Microsoft.NET.Test.Sdk (17.13)
      Microsoft.CodeCoverage (>= 17.13) - restriction: || (== net8.0) (&& (== netstandard2.0) (>= net462)) (&& (== netstandard2.0) (>= netcoreapp3.1))
      Microsoft.TestPlatform.TestHost (>= 17.13) - restriction: || (== net8.0) (&& (== netstandard2.0) (>= netcoreapp3.1))
    Microsoft.Testing.Extensions.TrxReport.Abstractions (1.6.2) - restriction: || (== net8.0) (&& (== netstandard2.0) (>= net472)) (&& (== netstandard2.0) (>= net6.0))
      Microsoft.Testing.Platform (>= 1.6.2)
    Microsoft.Testing.Platform (1.6.2) - restriction: || (== net8.0) (&& (== netstandard2.0) (>= net472)) (&& (== netstandard2.0) (>= net6.0))
    Microsoft.Testing.Platform.MSBuild (1.6.2) - restriction: || (== net8.0) (&& (== netstandard2.0) (>= net472)) (&& (== netstandard2.0) (>= net6.0))
      Microsoft.Testing.Platform (>= 1.6.2)
    Microsoft.TestPlatform.ObjectModel (17.13) - restriction: || (== net8.0) (&& (== netstandard2.0) (>= netcoreapp3.1))
      System.Reflection.Metadata (>= 1.6)
    Microsoft.TestPlatform.TestHost (17.13) - restriction: || (== net8.0) (&& (== netstandard2.0) (>= netcoreapp3.1))
      Microsoft.TestPlatform.ObjectModel (>= 17.13) - restriction: || (== net8.0) (&& (== netstandard2.0) (>= netcoreapp3.1))
      Newtonsoft.Json (>= 13.0.1) - restriction: || (== net8.0) (&& (== netstandard2.0) (>= netcoreapp3.1))
    Newtonsoft.Json (13.0.1) - restriction: || (== net8.0) (&& (== netstandard2.0) (>= netcoreapp3.1))
    NHamcrest (4.0)
    System.Collections.Immutable (9.0.2) - restriction: || (== net8.0) (&& (== netstandard2.0) (>= net472)) (&& (== netstandard2.0) (>= net6.0))
    System.Memory (4.6) - restriction: || (== net8.0) (&& (== netstandard2.0) (>= net472)) (&& (== netstandard2.0) (>= net6.0))
    System.Reflection.Metadata (6.0.1) - restriction: || (== net8.0) (&& (== netstandard2.0) (>= netcoreapp3.1))
      System.Collections.Immutable (>= 6.0)
    xunit.analyzers (1.20) - restriction: || (== net8.0) (&& (== netstandard2.0) (>= net472)) (&& (== netstandard2.0) (>= net6.0))
    xunit.runner.visualstudio (3.0.2)
    xunit.v3 (1.1)
      xunit.analyzers (>= 1.20) - restriction: || (== net8.0) (&& (== netstandard2.0) (>= net472)) (&& (== netstandard2.0) (>= net6.0))
      xunit.v3.assert (1.1) - restriction: || (== net8.0) (&& (== netstandard2.0) (>= net472)) (&& (== netstandard2.0) (>= net6.0))
      xunit.v3.core (1.1) - restriction: || (== net8.0) (&& (== netstandard2.0) (>= net472)) (&& (== netstandard2.0) (>= net6.0))
    xunit.v3.assert (1.1) - restriction: || (== net8.0) (&& (== netstandard2.0) (>= net472)) (&& (== netstandard2.0) (>= net6.0))
      System.Collections.Immutable (>= 8.0)
      System.Memory (>= 4.6)
    xunit.v3.common (1.1) - restriction: || (== net8.0) (&& (== netstandard2.0) (>= net472)) (&& (== netstandard2.0) (>= net6.0))
      Microsoft.Bcl.AsyncInterfaces (>= 6.0)
    xunit.v3.core (1.1) - restriction: || (== net8.0) (&& (== netstandard2.0) (>= net472)) (&& (== netstandard2.0) (>= net6.0))
      Microsoft.Testing.Platform.MSBuild (>= 1.5.3) - restriction: || (== net8.0) (&& (== netstandard2.0) (>= net472)) (&& (== netstandard2.0) (>= net6.0))
      xunit.v3.extensibility.core (1.1) - restriction: || (== net8.0) (&& (== netstandard2.0) (>= net472)) (&& (== netstandard2.0) (>= net6.0))
      xunit.v3.runner.inproc.console (1.1) - restriction: || (== net8.0) (&& (== netstandard2.0) (>= net472)) (&& (== netstandard2.0) (>= net6.0))
    xunit.v3.extensibility.core (1.1) - restriction: || (== net8.0) (&& (== netstandard2.0) (>= net472)) (&& (== netstandard2.0) (>= net6.0))
      xunit.v3.common (1.1)
    xunit.v3.runner.common (1.1) - restriction: || (== net8.0) (&& (== netstandard2.0) (>= net472)) (&& (== netstandard2.0) (>= net6.0))
      xunit.v3.common (1.1)
    xunit.v3.runner.inproc.console (1.1) - restriction: || (== net8.0) (&& (== netstandard2.0) (>= net472)) (&& (== netstandard2.0) (>= net6.0))
      Microsoft.Testing.Extensions.TrxReport.Abstractions (>= 1.5.3) - restriction: || (== net8.0) (&& (== netstandard2.0) (>= net472)) (&& (== netstandard2.0) (>= net6.0))
      Microsoft.Testing.Platform (>= 1.5.3) - restriction: || (== net8.0) (&& (== netstandard2.0) (>= net472)) (&& (== netstandard2.0) (>= net6.0))
      xunit.v3.extensibility.core (1.1) - restriction: || (== net8.0) (&& (== netstandard2.0) (>= net472)) (&& (== netstandard2.0) (>= net6.0))
      xunit.v3.runner.common (1.1) - restriction: || (== net8.0) (&& (== netstandard2.0) (>= net472)) (&& (== netstandard2.0) (>= net6.0))
